PATH
  remote: .
  specs:
    twigg-cache (0.0.5)
      dalli
      twigg (~> 0.0.5)

PATH
  remote: /Users/greg/work/unversioned/twigg/twigg
  specs:
    twigg (0.0.5)

GEM
  remote: https://rubygems.org/
  specs:
    dalli (2.6.4)
    diff-lcs (1.2.4)
    rake (10.0.4)
    rspec (2.14.1)
      rspec-core (~> 2.14.0)
      rspec-expectations (~> 2.14.0)
      rspec-mocks (~> 2.14.0)
    rspec-core (2.14.5)
    rspec-expectations (2.14.2)
      diff-lcs (>= 1.1.3, < 2.0)
    rspec-mocks (2.14.3)

PLATFORMS
  ruby

DEPENDENCIES
  bundler (~> 1.3)
  rake
  rspec
  twigg!
  twigg-cache!
