PATH
  remote: .
  specs:
    twigg-gerrit (0.0.3)
      sequel
      twigg (= 0.0.3)

PATH
  remote: /Users/greg/work/unversioned/twigg/twigg
  specs:
    twigg (0.0.3)

GEM
  remote: https://rubygems.org/
  specs:
    diff-lcs (1.2.4)
    mysql2 (0.3.13)
    rake (10.0.4)
    rspec (2.14.1)
      rspec-core (~> 2.14.0)
      rspec-expectations (~> 2.14.0)
      rspec-mocks (~> 2.14.0)
    rspec-core (2.14.5)
    rspec-expectations (2.14.2)
      diff-lcs (>= 1.1.3, < 2.0)
    rspec-mocks (2.14.3)
    sequel (4.1.1)

PLATFORMS
  ruby

DEPENDENCIES
  bundler (~> 1.3)
  mysql2
  rake
  rspec
  twigg!
  twigg-gerrit!
