PATH
  remote: .
  specs:
    twigg-gerrit (0.0.1)
      twigg

PATH
  remote: /Users/greg/work/unversioned/twigg/twigg
  specs:
    twigg (0.0.1)

GEM
  remote: https://rubygems.org/
  specs:
    rake (10.0.4)

PLATFORMS
  ruby

DEPENDENCIES
  bundler (~> 1.3)
  rake
  twigg!
  twigg-gerrit!
