PATH
  remote: .
  specs:
    twigg-app (0.0.3)
      compass (~> 0.12.2)
      haml (~> 4.0.3)
      nokogiri (~> 1.6.0)
      sass (~> 3.2.10)
      sinatra-contrib (~> 1.4.0)
      sprockets (~> 2.10.0)
      twigg (= 0.0.3)

PATH
  remote: /Users/greg/work/unversioned/twigg/twigg
  specs:
    twigg (0.0.3)

GEM
  remote: https://rubygems.org/
  specs:
    backports (3.3.3)
    chunky_png (1.2.8)
    compass (0.12.2)
      chunky_png (~> 1.2)
      fssm (>= 0.2.7)
      sass (~> 3.1)
    eventmachine (1.0.3)
    fssm (0.2.10)
    haml (4.0.3)
      tilt
    hike (1.2.3)
    mini_portile (0.5.1)
    multi_json (1.7.9)
    nokogiri (1.6.0)
      mini_portile (~> 0.5.0)
    rack (1.5.2)
    rack-protection (1.5.0)
      rack
    rack-test (0.6.2)
      rack (>= 1.0)
    rake (10.0.4)
    sass (3.2.10)
    sinatra (1.4.3)
      rack (~> 1.4)
      rack-protection (~> 1.4)
      tilt (~> 1.3, >= 1.3.4)
    sinatra-contrib (1.4.0)
      backports (>= 2.0)
      eventmachine
      rack-protection
      rack-test
      sinatra (~> 1.4.2)
      tilt (~> 1.3)
    sprockets (2.10.0)
      hike (~> 1.2)
      multi_json (~> 1.0)
      rack (~> 1.0)
      tilt (~> 1.1, != 1.3.0)
    tilt (1.4.1)

PLATFORMS
  ruby

DEPENDENCIES
  bundler (~> 1.3)
  rake
  twigg!
  twigg-app!
